GEM
  remote: https://rubygems.org/
  specs:
    actioncable (7.1.6)
      actionpack (= 7.1.6)
      activesupport (= 7.1.6)
      nio4r (~> 2.0)
      websocket-driver (>= 0.6.1)
      zeitwerk (~> 2.6)
    actionmailbox (7.1.6)
      actionpack (= 7.1.6)
      activejob (= 7.1.6)
      activerecord (= 7.1.6)
      activestorage (= 7.1.6)
      activesupport (= 7.1.6)
      mail (>= 2.7.1)
      net-imap
      net-pop
      net-smtp
    actionmailer (7.1.6)
      actionpack (= 7.1.6)
      actionview (= 7.1.6)
      activejob (= 7.1.6)
      activesupport (= 7.1.6)
      mail (~> 2.5, >= 2.5.4)
      net-imap
      net-pop
      net-smtp
      rails-dom-testing (~> 2.2)
    actionpack (7.1.6)
      actionview (= 7.1.6)
      activesupport (= 7.1.6)
      cgi
      nokogiri (>= 1.8.5)
      racc
      rack (>= 2.2.4)
      rack-session (>= 1.0.1)
      rack-test (>= 0.6.3)
      rails-dom-testing (~> 2.2)
      rails-html-sanitizer (~> 1.6)
    actiontext (7.1.6)
      actionpack (= 7.1.6)
      activerecord (= 7.1.6)
      activestorage (= 7.1.6)
      activesupport (= 7.1.6)
      globalid (>= 0.6.0)
      nokogiri (>= 1.8.5)
    actionview (7.1.6)
      activesupport (= 7.1.6)
      builder (~> 3.1)
      cgi
      erubi (~> 1.11)
      rails-dom-testing (~> 2.2)
      rails-html-sanitizer (~> 1.6)
    activejob (7.1.6)
      activesupport (= 7.1.6)
      globalid (>= 0.3.6)
    activemodel (7.1.6)
      activesupport (= 7.1.6)
    activerecord (7.1.6)
      activemodel (= 7.1.6)
      activesupport (= 7.1.6)
      timeout (>= 0.4.0)
    activestorage (7.1.6)
      actionpack (= 7.1.6)
      activejob (= 7.1.6)
      activerecord (= 7.1.6)
      activesupport (= 7.1.6)
      marcel (~> 1.0)
    activesupport (7.1.6)
      base64
      benchmark (>= 0.3)
      bigdecimal
      concurrent-ruby (~> 1.0, >= 1.0.2)
      connection_pool (>= 2.2.5)
      drb
      i18n (>= 1.6, < 2)
      logger (>= 1.4.2)
      minitest (>= 5.1)
      mutex_m
      securerandom (>= 0.3)
      tzinfo (~> 2.0)
    base64 (0.3.0)
    benchmark (0.5.0)
    bigdecimal (3.3.1)
    bootsnap (1.18.6)
      msgpack (~> 1.2)
    builder (3.3.0)
    cgi (0.5.0)
    concurrent-ruby (1.3.5)
    connection_pool (2.5.4)
    crass (1.0.6)
    date (3.5.0)
    debug (1.11.0)
      irb (~> 1.10)
      reline (>= 0.3.8)
    drb (2.2.3)
    erb (4.0.4)
      cgi (>= 0.3.3)
    erubi (1.13.1)
    globalid (1.3.0)
      activesupport (>= 6.1)
    i18n (1.14.7)
      concurrent-ruby (~> 1.0)
    io-console (0.8.1)
    irb (1.15.2)
      pp (>= 0.6.0)
      rdoc (>= 4.0.0)
      reline (>= 0.4.2)
    logger (1.7.0)
    loofah (2.24.1)
      crass (~> 1.0.2)
      nokogiri (>= 1.12.0)
    mail (2.9.0)
      logger
      mini_mime (>= 0.1.1)
      net-imap
      net-pop
      net-smtp
    marcel (1.1.0)
    mini_mime (1.1.5)
    mini_portile2 (2.8.9)
    minitest (5.26.0)
    msgpack (1.8.0)
    mutex_m (0.3.0)
    net-imap (0.4.22)
      date
      net-protocol
    net-pop (0.1.2)
      net-protocol
    net-protocol (0.2.2)
      timeout
    net-smtp (0.5.1)
      net-protocol
    nio4r (2.7.5)
    nokogiri (1.17.2)
      mini_portile2 (~> 2.8.2)
      racc (~> 1.4)
    nokogiri (1.17.2-x86_64-linux)
      racc (~> 1.4)
    pp (0.6.3)
      prettyprint
    prettyprint (0.2.0)
    psych (5.2.6)
      date
      stringio
    puma (7.1.0)
      nio4r (~> 2.0)
    racc (1.8.1)
    rack (3.2.3)
    rack-cors (3.0.0)
      logger
      rack (>= 3.0.14)
    rack-session (2.1.1)
      base64 (>= 0.1.0)
      rack (>= 3.0.0)
    rack-test (2.2.0)
      rack (>= 1.3)
    rackup (2.2.1)
      rack (>= 3)
    rails (7.1.6)
      actioncable (= 7.1.6)
      actionmailbox (= 7.1.6)
      actionmailer (= 7.1.6)
      actionpack (= 7.1.6)
      actiontext (= 7.1.6)
      actionview (= 7.1.6)
      activejob (= 7.1.6)
      activemodel (= 7.1.6)
      activerecord (= 7.1.6)
      activestorage (= 7.1.6)
      activesupport (= 7.1.6)
      bundler (>= 1.15.0)
      railties (= 7.1.6)
    rails-dom-testing (2.3.0)
      activesupport (>= 5.0.0)
      minitest
      nokogiri (>= 1.6)
    rails-html-sanitizer (1.6.2)
      loofah (~> 2.21)
      nokogiri (>= 1.15.7, != 1.16.7, != 1.16.6, != 1.16.5, != 1.16.4, != 1.16.3, != 1.16.2, != 1.16.1, != 1.16.0.rc1, != 1.16.0)
    railties (7.1.6)
      actionpack (= 7.1.6)
      activesupport (= 7.1.6)
      cgi
      irb
      rackup (>= 1.0.0)
      rake (>= 12.2)
      thor (~> 1.0, >= 1.2.2)
      tsort (>= 0.2)
      zeitwerk (~> 2.6)
    rake (13.3.1)
    rdoc (6.15.0)
      erb
      psych (>= 4.0.0)
      tsort
    reline (0.6.2)
      io-console (~> 0.5)
    securerandom (0.3.2)
    sqlite3 (1.6.9)
      mini_portile2 (~> 2.8.0)
    sqlite3 (1.6.9-x86_64-linux)
    stringio (3.1.7)
    thor (1.4.0)
    timeout (0.4.4)
    tsort (0.2.0)
    tzinfo (2.0.6)
      concurrent-ruby (~> 1.0)
    websocket-driver (0.8.0)
      base64
      websocket-extensions (>= 0.1.0)
    websocket-extensions (0.1.5)
    zeitwerk (2.6.18)

PLATFORMS
  ruby
  x86_64-linux

DEPENDENCIES
  bootsnap
  debug
  puma (>= 5.0)
  rack-cors (~> 3.0)
  rails (~> 7.1.6)
  sqlite3 (~> 1.6.9)
  tzinfo-data

RUBY VERSION
   ruby 3.0.2p107

BUNDLED WITH
   2.5.23
